GEM
  remote: https://rubygems.org/
  specs:
    io-wait (0.2.1)
    json (2.6.1)
    net-http (0.2.0)
      net-protocol
      uri
    net-protocol (0.1.2)
      io-wait
      timeout
    timeout (0.2.0)
    uri (0.11.0)

PLATFORMS
  x86_64-darwin-21

DEPENDENCIES
  json
  net-http

RUBY VERSION
   ruby 3.1.0p0

BUNDLED WITH
   2.3.3
